PATH
  remote: .
  specs:
    hb_exporter (0.1.2)
      colored (~> 1.2)
      gli (~> 2.12.2)
      httparty (~> 0.13.3)
      ruby-progressbar (~> 1.7.0)

GEM
  remote: https://ruby.taobao.org/
  specs:
    colored (1.2)
    gli (2.12.2)
    httparty (0.13.3)
      json (~> 1.8)
      multi_xml (>= 0.5.2)
    json (1.8.2)
    multi_xml (0.5.5)
    rake (10.3.2)
    ruby-progressbar (1.7.1)

PLATFORMS
  ruby

DEPENDENCIES
  bundler (~> 1.7)
  hb_exporter!
  rake (~> 10.0)
